GEM
  remote: https://rubygems.org/
  specs:
    daemons (1.4.1)
    docker-sync (1.0.5)
      daemons (~> 1.4, >= 1.4.1)
      dotenv (~> 2.8, >= 2.8.1)
      gem_update_checker (~> 0.2.0, >= 0.2.0)
      os (>= 1.0.0)
      terminal-notifier (= 2.0.0)
      thor (~> 1.2, >= 1.2.1)
    dotenv (2.8.1)
    gem_update_checker (0.2.0)
    os (1.1.4)
    terminal-notifier (2.0.0)
    thor (1.4.0)

PLATFORMS
  arm64-darwin-24
  ruby

DEPENDENCIES
  docker-sync (~> 1.0)

BUNDLED WITH
   2.6.9
